GEM
  remote: http://rubygems.org/
  specs:
    redis (4.0.2)
    sequel (5.13.0)
    sqlite3 (1.3.13)

PLATFORMS
  ruby

DEPENDENCIES
  redis
  sequel
  sqlite3

BUNDLED WITH
   1.16.6
