GEM
  remote: http://rubygems.org/
  specs:
    sequel (5.13.0)
    sqlite3 (1.3.13)

PLATFORMS
  ruby

DEPENDENCIES
  sequel
  sqlite3

BUNDLED WITH
   1.16.0
